PATH
  remote: .
  specs:
    wordless (2.2.0)
      activesupport
      thor (~> 0.19.1)
      wordpress_tools (~> 1.4.1)

GEM
  remote: https://rubygems.org/
  specs:
    activesupport (5.2.4.4)
      concurrent-ruby (~> 1.0, >= 1.0.2)
      i18n (>= 0.7, < 2)
      minitest (~> 5.1)
      tzinfo (~> 1.1)
    ast (2.4.1)
    backport (1.1.2)
    byebug (11.1.3)
    coderay (1.1.3)
    concurrent-ruby (1.1.7)
    debase (0.2.4.1)
      debase-ruby_core_source (>= 0.10.2)
    debase-ruby_core_source (0.10.11)
    diff-lcs (1.4.4)
    i18n (1.8.5)
      concurrent-ruby (~> 1.0)
    jaro_winkler (1.5.4)
    maruku (0.7.3)
    method_source (1.0.0)
    mini_portile2 (2.4.0)
    minitest (5.14.2)
    nokogiri (1.10.10)
      mini_portile2 (~> 2.4.0)
    parallel (1.19.2)
    parser (2.7.1.5)
      ast (~> 2.4.1)
    pry (0.13.1)
      coderay (~> 1.1)
      method_source (~> 1.0)
    pry-byebug (3.9.0)
      byebug (~> 11.0)
      pry (~> 0.13.0)
    rainbow (3.0.0)
    rake (13.0.1)
    regexp_parser (1.8.0)
    reverse_markdown (1.4.0)
      nokogiri
    rexml (3.2.4)
    rspec (3.9.0)
      rspec-core (~> 3.9.0)
      rspec-expectations (~> 3.9.0)
      rspec-mocks (~> 3.9.0)
    rspec-core (3.9.2)
      rspec-support (~> 3.9.3)
    rspec-expectations (3.9.2)
      diff-lcs (>= 1.2.0, < 2.0)
      rspec-support (~> 3.9.0)
    rspec-mocks (3.9.1)
      diff-lcs (>= 1.2.0, < 2.0)
      rspec-support (~> 3.9.0)
    rspec-support (3.9.3)
    rubocop (0.92.0)
      parallel (~> 1.10)
      parser (>= 2.7.1.5)
      rainbow (>= 2.2.2, < 4.0)
      regexp_parser (>= 1.7)
      rexml
      rubocop-ast (>= 0.5.0)
      ruby-progressbar (~> 1.7)
      unicode-display_width (>= 1.4.0, < 2.0)
    rubocop-ast (0.7.0)
      parser (>= 2.7.1.5)
      strscan (>= 1.0.0)
    ruby-debug-ide (0.7.2)
      rake (>= 0.8.1)
    ruby-progressbar (1.10.1)
    solargraph (0.38.0)
      backport (~> 1.1)
      bundler (>= 1.17.2)
      jaro_winkler (~> 1.5)
      maruku (~> 0.7, >= 0.7.3)
      nokogiri (~> 1.9, >= 1.9.1)
      parser (~> 2.3)
      reverse_markdown (~> 1.0, >= 1.0.5)
      rubocop (~> 0.52)
      thor (~> 0.19, >= 0.19.4)
      tilt (~> 2.0)
      yard (~> 0.9)
    strscan (1.0.3)
    thor (0.19.4)
    thread_safe (0.3.6)
    tilt (2.0.10)
    tzinfo (1.2.7)
      thread_safe (~> 0.1)
    unicode-display_width (1.7.0)
    wordpress_tools (1.4.1)
      activesupport (~> 5.0)
      thor (~> 0.19.1)
    yard (0.9.25)

PLATFORMS
  ruby

DEPENDENCIES
  byebug
  debase
  pry-byebug (~> 3.9)
  rake (~> 13.0.1)
  rspec (~> 3.9.0)
  rubocop
  ruby-debug-ide
  solargraph
  wordless!

BUNDLED WITH
   1.17.3
